GEM
  remote: https://rubygems.org/
  specs:
    hike (1.2.3)
    multi_json (1.9.2)
    rack (1.5.2)
    sprockets (2.12.0)
      hike (~> 1.2)
      multi_json (~> 1.0)
      rack (~> 1.0)
      tilt (~> 1.1, != 1.3.0)
    sprockets-sass (1.0.3)
      sprockets (~> 2.0)
      tilt (~> 1.1)
    tilt (1.4.1)

PLATFORMS
  ruby

DEPENDENCIES
  rack (~> 1.5.2)
  sprockets (~> 2.12.0)
  sprockets-sass (~> 1.0.3)
